PATH
  remote: .
  specs:
    ltl_packer (0.1.0)

GEM
  remote: https://rubygems.org/
  specs:
    byebug (11.0.1)
    minitest (5.11.3)
    rake (13.0.1)

PLATFORMS
  ruby

DEPENDENCIES
  bundler (~> 2.0)
  byebug
  ltl_packer!
  minitest (~> 5.0)
  rake (~> 13.0)

BUNDLED WITH
   2.0.1
